GIT
  remote: https://github.com/vaughankg/webstub.git
  revision: 876a81f62fd7786e5c36714e99a2b5d4a8535f9a
  specs:
    webstub (1.1.3)

PATH
  remote: .
  specs:
    motion-foursquare (0.1.0)
      afmotion (~> 2.5)
      motion-cocoapods

GEM
  remote: https://rubygems.org/
  specs:
    activesupport (4.2.4)
      i18n (~> 0.7)
      json (~> 1.7, >= 1.7.7)
      minitest (~> 5.1)
      thread_safe (~> 0.3, >= 0.3.4)
      tzinfo (~> 1.1)
    afmotion (2.5)
      motion-cocoapods (>= 1.4.1)
      motion-require (>= 0.1)
    claide (0.9.1)
    cocoapods (0.38.2)
      activesupport (>= 3.2.15)
      claide (~> 0.9.1)
      cocoapods-core (= 0.38.2)
      cocoapods-downloader (~> 0.9.1)
      cocoapods-plugins (~> 0.4.2)
      cocoapods-stats (~> 0.5.3)
      cocoapods-trunk (~> 0.6.1)
      cocoapods-try (~> 0.4.5)
      colored (~> 1.2)
      escape (~> 0.0.4)
      molinillo (~> 0.3.1)
      nap (~> 0.8)
      xcodeproj (~> 0.26.3)
    cocoapods-core (0.38.2)
      activesupport (>= 3.2.15)
      fuzzy_match (~> 2.0.4)
      nap (~> 0.8.0)
    cocoapods-downloader (0.9.3)
    cocoapods-plugins (0.4.2)
      nap
    cocoapods-stats (0.5.3)
      nap (~> 0.8)
    cocoapods-trunk (0.6.4)
      nap (>= 0.8, < 2.0)
      netrc (= 0.7.8)
    cocoapods-try (0.4.5)
    colored (1.2)
    escape (0.0.4)
    fuzzy_match (2.0.4)
    i18n (0.7.0)
    json (1.8.3)
    minitest (5.8.0)
    molinillo (0.3.1)
    motion-cocoapods (1.7.4)
      cocoapods (>= 0.34)
    motion-env (0.0.4)
    motion-fixtures (0.1.0)
    motion-require (0.2.0)
    motion_print (1.2.0)
    nap (0.8.0)
    netrc (0.7.8)
    rake (0.9.2.2)
    thread_safe (0.3.5)
    tzinfo (1.2.2)
      thread_safe (~> 0.1)
    xcodeproj (0.26.3)
      activesupport (>= 3)
      claide (~> 0.9.1)
      colored (~> 1.2)

PLATFORMS
  ruby

DEPENDENCIES
  afmotion (~> 2.5)
  motion-cocoapods
  motion-env
  motion-fixtures (~> 0.1.0)
  motion-foursquare!
  motion_print
  rake (~> 0)
  webstub!

BUNDLED WITH
   1.10.5
